GEM
  remote: https://rubygems.org/
  specs:
    addressable (2.8.0)
      public_suffix (>= 2.0.2, < 5.0)
    base64 (0.2.0)
    bigdecimal (3.1.9)
    bulma-clean-theme (0.13.1)
      jekyll (>= 3.9, < 5.0)
      jekyll-feed (~> 0.15)
      jekyll-paginate (~> 1.1)
      jekyll-seo-tag (~> 2.7)
      jekyll-sitemap (~> 1.4)
      kramdown-parser-gfm (~> 1.1)
    colorator (1.1.0)
    concurrent-ruby (1.1.9)
    csv (3.3.4)
    em-websocket (0.5.3)
      eventmachine (>= 0.12.9)
      http_parser.rb (~> 0)
    eventmachine (1.2.7)
    ffi (1.17.2)
    forwardable-extended (2.6.0)
    google-protobuf (4.30.2)
      bigdecimal
      rake (>= 13)
    http_parser.rb (0.8.0)
    i18n (1.10.0)
      concurrent-ruby (~> 1.0)
    jekyll (4.4.1)
      addressable (~> 2.4)
      base64 (~> 0.2)
      colorator (~> 1.0)
      csv (~> 3.0)
      em-websocket (~> 0.5)
      i18n (~> 1.0)
      jekyll-sass-converter (>= 2.0, < 4.0)
      jekyll-watch (~> 2.0)
      json (~> 2.6)
      kramdown (~> 2.3, >= 2.3.1)
      kramdown-parser-gfm (~> 1.0)
      liquid (~> 4.0)
      mercenary (~> 0.3, >= 0.3.6)
      pathutil (~> 0.9)
      rouge (>= 3.0, < 5.0)
      safe_yaml (~> 1.0)
      terminal-table (>= 1.8, < 4.0)
      webrick (~> 1.7)
    jekyll-feed (0.16.0)
      jekyll (>= 3.7, < 5.0)
    jekyll-paginate (1.1.0)
    jekyll-paginate-v2 (3.0.0)
      jekyll (>= 3.0, < 5.0)
    jekyll-sass-converter (3.1.0)
      sass-embedded (~> 1.75)
    jekyll-seo-tag (2.8.0)
      jekyll (>= 3.8, < 5.0)
    jekyll-sitemap (1.4.0)
      jekyll (>= 3.7, < 5.0)
    jekyll-watch (2.2.1)
      listen (~> 3.0)
    json (2.12.0)
    kramdown (2.3.1)
      rexml
    kramdown-parser-gfm (1.1.0)
      kramdown (~> 2.0)
    liquid (4.0.3)
    listen (3.7.1)
      rb-fsevent (~> 0.10, >= 0.10.3)
      rb-inotify (~> 0.9, >= 0.9.10)
    mercenary (0.4.0)
    pathutil (0.16.2)
      forwardable-extended (~> 2.6)
    public_suffix (4.0.6)
    rake (13.2.1)
    rb-fsevent (0.11.1)
    rb-inotify (0.10.1)
      ffi (~> 1.0)
    rexml (3.2.8)
      strscan (>= 3.0.9)
    rouge (3.28.0)
    safe_yaml (1.0.5)
    sass-embedded (1.88.0)
      google-protobuf (~> 4.30)
      rake (>= 13)
    strscan (3.1.0)
    terminal-table (2.0.0)
      unicode-display_width (~> 1.1, >= 1.1.1)
    unicode-display_width (1.8.0)
    webrick (1.9.1)

PLATFORMS
  ruby

DEPENDENCIES
  bulma-clean-theme
  jekyll-paginate-v2
  jekyll-sass-converter (~> 3.1)

BUNDLED WITH
   2.2.5
